GIT
  remote: git://github.com/padrino/padrino-framework.git
  revision: 17c748f8173185e57f9254829f53ee34327fa90d
  specs:
    padrino (0.10.1)
      padrino-admin (= 0.10.1)
      padrino-cache (= 0.10.1)
      padrino-core (= 0.10.1)
      padrino-gen (= 0.10.1)
      padrino-helpers (= 0.10.1)
      padrino-mailer (= 0.10.1)
    padrino-admin (0.10.1)
      padrino-core (= 0.10.1)
      padrino-helpers (= 0.10.1)
    padrino-cache (0.10.1)
      padrino-core (= 0.10.1)
    padrino-core (0.10.1)
      activesupport (~> 3.1.0)
      http_router (~> 0.10.2)
      sinatra (~> 1.2.6)
      thor (~> 0.14.3)
      tilt (~> 1.3.0)
    padrino-gen (0.10.1)
      bundler (~> 1.0)
      grit (~> 2.4.1)
      padrino-core (= 0.10.1)
    padrino-helpers (0.10.1)
      i18n (~> 0.6)
      padrino-core (= 0.10.1)
    padrino-mailer (0.10.1)
      mail (~> 2.3.0)
      padrino-core (= 0.10.1)

GEM
  remote: http://rubygems.org/
  specs:
    SystemTimer (1.2.3)
    activemodel (3.1.0)
      activesupport (= 3.1.0)
      bcrypt-ruby (~> 3.0.0)
      builder (~> 3.0.0)
      i18n (~> 0.6)
    activerecord (3.1.0)
      activemodel (= 3.1.0)
      activesupport (= 3.1.0)
      arel (~> 2.2.1)
      tzinfo (~> 0.3.29)
    activesupport (3.1.0)
      multi_json (~> 1.0)
    addressable (2.2.6)
    archive-tar-minitar (0.5.2)
    arel (2.2.1)
    bcrypt-ruby (3.0.0)
    bson (1.3.1)
    bson_ext (1.3.1)
    builder (3.0.0)
    columnize (0.3.4)
    couchrest (1.1.2)
      mime-types (~> 1.15)
      multi_json (~> 1.0.0)
      rest-client (~> 1.6.1)
    couchrest_model (1.1.2)
      activemodel (~> 3.0)
      couchrest (~> 1.1.2)
      mime-types (~> 1.15)
      tzinfo (~> 0.3.22)
    daemons (1.1.4)
    data_objects (0.10.6)
      addressable (~> 2.1)
    diff-lcs (1.1.3)
    dm-aggregates (1.1.0)
      dm-core (~> 1.1.0)
    dm-constraints (1.1.0)
      dm-core (~> 1.1.0)
    dm-core (1.1.0)
      addressable (~> 2.2.4)
    dm-do-adapter (1.1.0)
      data_objects (~> 0.10.2)
      dm-core (~> 1.1.0)
    dm-migrations (1.1.0)
      dm-core (~> 1.1.0)
    dm-sqlite-adapter (1.1.0)
      dm-do-adapter (~> 1.1.0)
      do_sqlite3 (~> 0.10.2)
    dm-timestamps (1.1.0)
      dm-core (~> 1.1.0)
    dm-validations (1.1.0)
      dm-core (~> 1.1.0)
    do_sqlite3 (0.10.6)
      data_objects (= 0.10.6)
    erubis (2.7.0)
    eventmachine (0.12.10)
    grit (2.4.1)
      diff-lcs (~> 1.1)
      mime-types (~> 1.15)
    haml (3.1.2)
    http_router (0.10.2)
      rack (>= 1.0.0)
      url_mount (~> 0.2.1)
    i18n (0.6.0)
    json_pure (1.5.4)
      spruz (~> 0.2.8)
    linecache (0.46)
      rbx-require-relative (> 0.0.4)
    linecache19 (0.5.12)
      ruby_core_source (>= 0.1.4)
    mail (2.3.0)
      i18n (>= 0.4.0)
      mime-types (~> 1.16)
      treetop (~> 1.4.8)
    mime-types (1.16)
    mocha (0.9.12)
    mongo (1.3.1)
      bson (>= 1.3.1)
    mongo_mapper (0.9.1)
      activemodel (~> 3.0)
      activesupport (~> 3.0)
      plucky (~> 0.3.8)
    mongoid (2.2.0)
      activemodel (~> 3.0)
      mongo (~> 1.3)
      tzinfo (~> 0.3.22)
    mongomatic (0.8.2)
      activesupport (>= 3.0.0)
      bson (>= 1.2.4)
      i18n (>= 0.5.0)
      mongo (>= 1.2.4)
    multi_json (1.0.3)
    nest (1.1.0)
      redis (~> 2.1)
    nokogiri (1.4.4)
    ohm (0.1.3)
      nest (~> 1.0)
    ohm-contrib (0.1.1)
      ohm
    plucky (0.3.8)
      mongo (~> 1.3)
    polyglot (0.3.2)
    rack (1.3.2)
    rack-flash (0.1.2)
      rack
    rack-test (0.6.1)
      rack (>= 1.0)
    rake (0.9.2)
    rbx-require-relative (0.0.5)
    redis (2.2.2)
    rest-client (1.6.7)
      mime-types (>= 1.16)
    rr (1.0.4)
    rspec (2.6.0)
      rspec-core (~> 2.6.0)
      rspec-expectations (~> 2.6.0)
      rspec-mocks (~> 2.6.0)
    rspec-core (2.6.4)
    rspec-expectations (2.6.0)
      diff-lcs (~> 1.1.2)
    rspec-mocks (2.6.0)
    ruby-debug (0.10.4)
      columnize (>= 0.1)
      ruby-debug-base (~> 0.10.4.0)
    ruby-debug-base (0.10.4)
      linecache (>= 0.3)
    ruby-debug-base19 (0.11.25)
      columnize (>= 0.3.1)
      linecache19 (>= 0.5.11)
      ruby_core_source (>= 0.1.4)
    ruby-debug19 (0.11.6)
      columnize (>= 0.3.1)
      linecache19 (>= 0.5.11)
      ruby-debug-base19 (>= 0.11.19)
    ruby_core_source (0.1.5)
      archive-tar-minitar (>= 0.5.2)
    sequel (3.26.0)
    sinatra (1.2.6)
      rack (~> 1.1)
      tilt (< 2.0, >= 1.2.2)
    slim (1.0.2)
      temple (~> 0.3.3)
      tilt (~> 1.3.2)
    spruz (0.2.13)
    sqlite3 (1.3.4)
    temple (0.3.3)
    thin (1.2.11)
      daemons (>= 1.0.9)
      eventmachine (>= 0.12.6)
      rack (>= 1.0.0)
    thor (0.14.6)
    tilt (1.3.3)
    treetop (1.4.10)
      polyglot
      polyglot (>= 0.3.1)
    tzinfo (0.3.29)
    url_mount (0.2.1)
      rack
    webrat (0.7.3)
      nokogiri (>= 1.2.0)
      rack (>= 1.0)
      rack-test (>= 0.5.3)

PLATFORMS
  ruby

DEPENDENCIES
  SystemTimer
  activerecord (= 3.1.0)
  bcrypt-ruby
  bson_ext
  couchrest_model (~> 1.1.0)
  dm-aggregates
  dm-constraints
  dm-core
  dm-migrations
  dm-sqlite-adapter
  dm-timestamps
  dm-validations
  erubis (~> 2.7.0)
  haml
  json_pure
  mime-types
  mocha
  mongo_mapper
  mongoid
  mongomatic
  nokogiri (= 1.4.4)
  ohm
  ohm-contrib
  padrino!
  rack-flash
  rack-test
  rake
  rr
  rspec
  ruby-debug
  ruby-debug19
  sequel
  slim
  sqlite3
  thin
  thor
  webrat
